GIT
  remote: https://github.com/lautis/uglifier.git
  revision: 2f6c31a67d6dbd04c3153603339fab49a06ec4ec
  specs:
    uglifier (1.3.0)
      execjs (>= 0.3.0)
      multi_json (~> 1.0, >= 1.0.2)

GIT
  remote: https://github.com/livingsocial/rake-pipeline.git
  revision: ae0795842a8958934d872a005d18b16161aa05fe
  specs:
    rake-pipeline (0.8.0)
      json
      rake (~> 0.9.0)
      thor

GIT
  remote: https://github.com/wycats/rake-pipeline-web-filters.git
  revision: 1a6dc173776b188836aa2ce2ac35b61c7f7daafe
  specs:
    rake-pipeline-web-filters (0.6.0)
      rack
      rake-pipeline (~> 0.6)

GEM
  remote: http://rubygems.org/
  specs:
    colored (1.2)
    daemons (1.1.9)
    eventmachine (1.0.0)
    execjs (1.2.13)
      multi_json (~> 1.0)
    json (1.7.5)
    multi_json (1.3.7)
    rack (1.4.1)
    rake (0.9.4)
    thin (1.5.0)
      daemons (>= 1.0.9)
      eventmachine (>= 0.12.6)
      rack (>= 1.0.0)
    thor (0.16.0)

PLATFORMS
  ruby

DEPENDENCIES
  colored
  execjs (~> 1.2.6)
  rack
  rake-pipeline!
  rake-pipeline-web-filters!
  thin
  uglifier!
