GIT
  remote: https://github.com/lautis/uglifier.git
  revision: 014fb07450ff0c3c98e03683927bfc878aab5168
  specs:
    uglifier (2.0.1)
      execjs (>= 0.3.0)
      multi_json (~> 1.0, >= 1.0.2)

GIT
  remote: https://github.com/livingsocial/rake-pipeline.git
  revision: 65b1e744defa208e313703d89f3453447cc103b2
  specs:
    rake-pipeline (0.8.0)
      json
      rake (~> 10.0.0)
      thor

GIT
  remote: https://github.com/wycats/rake-pipeline-web-filters.git
  revision: fd8d838491bd6b8de0bab72d90115b9a4f2da8a1
  specs:
    rake-pipeline-web-filters (0.6.0)
      rack
      rake-pipeline (~> 0.6)

GEM
  remote: http://rubygems.org/
  specs:
    colored (1.2)
    daemons (1.1.9)
    eventmachine (1.0.3)
    execjs (1.2.13)
      multi_json (~> 1.0)
    json (1.7.7)
    multi_json (1.7.2)
    rack (1.5.2)
    rake (10.0.4)
    thin (1.5.1)
      daemons (>= 1.0.9)
      eventmachine (>= 0.12.6)
      rack (>= 1.0.0)
    thor (0.18.1)

PLATFORMS
  ruby

DEPENDENCIES
  colored
  execjs (~> 1.2.6)
  rack
  rake-pipeline!
  rake-pipeline-web-filters!
  thin
  uglifier!
